GEM
  remote: https://rubygems.org/
  specs:
    aws-eventstream (1.2.0)
    aws-partitions (1.711.0)
    aws-sdk-core (3.170.0)
      aws-eventstream (~> 1, >= 1.0.2)
      aws-partitions (~> 1, >= 1.651.0)
      aws-sigv4 (~> 1.5)
      jmespath (~> 1, >= 1.6.1)
    aws-sdk-kms (1.62.0)
      aws-sdk-core (~> 3, >= 3.165.0)
      aws-sigv4 (~> 1.1)
    aws-sdk-s3 (1.119.1)
      aws-sdk-core (~> 3, >= 3.165.0)
      aws-sdk-kms (~> 1)
      aws-sigv4 (~> 1.4)
    aws-sigv4 (1.5.2)
      aws-eventstream (~> 1, >= 1.0.2)
    coderay (1.1.3)
    debug (1.7.1)
      irb (>= 1.5.0)
      reline (>= 0.3.1)
    dotenv (2.8.1)
    io-console (0.6.0)
    irb (1.6.2)
      reline (>= 0.3.0)
    jmespath (1.6.2)
    method_source (1.0.0)
    pry (0.14.2)
      coderay (~> 1.1)
      method_source (~> 1.0)
    reline (0.3.2)
      io-console (~> 0.5)
    ruby_http_client (3.5.5)
    rubyzip (2.3.2)
    sendgrid-ruby (6.6.2)
      ruby_http_client (~> 3.4)

PLATFORMS
  x86_64-darwin-19
  x86_64-darwin-21
  x86_64-linux

DEPENDENCIES
  aws-sdk-s3 (~> 1)
  debug
  dotenv
  pry
  rubyzip
  sendgrid-ruby
  tzinfo-data

RUBY VERSION
   ruby 3.1.2p20

BUNDLED WITH
   2.3.7
